PATH
  remote: .
  specs:
    beanstalkd_view (0.1.1.alpha)
      beanstalk-client (>= 1.1.1)
      sinatra (>= 0.9.2)

GEM
  remote: http://rubygems.org/
  specs:
    beanstalk-client (1.1.1)
    diff-lcs (1.1.3)
    rack (1.4.1)
    rack-protection (1.2.0)
      rack
    rake (0.9.2.2)
    rspec (2.8.0)
      rspec-core (~> 2.8.0)
      rspec-expectations (~> 2.8.0)
      rspec-mocks (~> 2.8.0)
    rspec-core (2.8.0)
    rspec-expectations (2.8.0)
      diff-lcs (~> 1.1.2)
    rspec-mocks (2.8.0)
    sinatra (1.3.2)
      rack (~> 1.3, >= 1.3.6)
      rack-protection (~> 1.2)
      tilt (~> 1.3, >= 1.3.3)
    tilt (1.3.3)

PLATFORMS
  ruby

DEPENDENCIES
  beanstalkd_view!
  rake
  rspec
